GEM
  remote: https://rubygems.org/
  specs:
    codeclimate-test-reporter (1.0.9)
      simplecov (<= 0.13)
    diff-lcs (1.4.4)
    docile (1.1.5)
    json (2.5.1)
    rspec (3.10.0)
      rspec-core (~> 3.10.0)
      rspec-expectations (~> 3.10.0)
      rspec-mocks (~> 3.10.0)
    rspec-core (3.10.1)
      rspec-support (~> 3.10.0)
    rspec-expectations (3.10.1)
      diff-lcs (>= 1.2.0, < 2.0)
      rspec-support (~> 3.10.0)
    rspec-mocks (3.10.1)
      diff-lcs (>= 1.2.0, < 2.0)
      rspec-support (~> 3.10.0)
    rspec-support (3.10.1)
    simplecov (0.13.0)
      docile (~> 1.1.0)
      json (>= 1.8, < 3)
      simplecov-html (~> 0.10.0)
    simplecov-html (0.10.2)

PLATFORMS
  ruby

DEPENDENCIES
  codeclimate-test-reporter
  rspec

BUNDLED WITH
   2.1.4
